PATH
  remote: .
  specs:
    queryable_array (0.0.1)
      respond_to_missing

GEM
  remote: https://rubygems.org/
  specs:
    ansi (1.4.3)
    json (1.7.6)
    minitest (4.5.0)
    rake (10.0.3)
    rdoc (3.12.1)
      json (~> 1.4)
    respond_to_missing (0.0.1)
    turn (0.9.6)
      ansi

PLATFORMS
  ruby

DEPENDENCIES
  minitest
  queryable_array!
  rake
  rdoc
  turn
